GEM
  remote: https://rubygems.org/
  specs:
    addressable (2.4.0)
    backports (3.15.0)
    bcrypt_pbkdf (1.0.1)
    builder (3.2.3)
    diff-lcs (1.3)
    ed25519 (1.2.4)
    equatable (0.5.0)
    erubis (2.7.0)
    ethon (0.12.0)
      ffi (>= 1.3.0)
    faraday (0.15.4)
      multipart-post (>= 1.2, < 3)
    faraday_middleware (0.13.1)
      faraday (>= 0.7.4, < 1.0)
    ffi (1.11.1)
    gh (0.15.1)
      addressable (~> 2.4.0)
      backports
      faraday (~> 0.8)
      multi_json (~> 1.0)
      net-http-persistent (~> 2.9)
      net-http-pipeline
    gssapi (1.3.0)
      ffi (>= 1.0.1)
    gyoku (1.3.1)
      builder (>= 2.1.2)
    highline (1.7.10)
    httpclient (2.8.3)
    json (2.2.0)
    kitchen-ansible (0.50.0)
      net-ssh (>= 3)
<<<<<<< HEAD
      test-kitchen (>= 1.4)
    kitchen-vagrant (1.5.2)
      test-kitchen (>= 1.4, < 3)
    launchy (2.4.3)
      addressable (~> 2.3)
    license-acceptance (1.0.11)
      pastel (~> 0.7)
      tomlrb (~> 1.2)
      tty-box (~> 0.3)
      tty-prompt (~> 0.18)
||||||| merged common ancestors
      test-kitchen (~> 1.4)
    kitchen-vagrant (1.3.2)
      test-kitchen (~> 1.4)
=======
      test-kitchen (~> 1.4)
    kitchen-vagrant (1.3.3)
      test-kitchen (~> 1.4)
>>>>>>> master
    little-plugger (1.1.4)
    logging (2.2.2)
      little-plugger (~> 1.1)
      multi_json (~> 1.10)
<<<<<<< HEAD
    mixlib-install (3.11.18)
||||||| merged common ancestors
    mixlib-install (3.11.2)
=======
    mixlib-install (3.11.5)
>>>>>>> master
      mixlib-shellout
      mixlib-versioning
      thor
<<<<<<< HEAD
    mixlib-shellout (2.4.4)
    mixlib-versioning (1.2.7)
||||||| merged common ancestors
    mixlib-shellout (2.3.2)
    mixlib-versioning (1.2.2)
=======
    mixlib-shellout (2.4.0)
    mixlib-versioning (1.2.2)
>>>>>>> master
    multi_json (1.13.1)
<<<<<<< HEAD
    multipart-post (2.1.1)
    necromancer (0.4.0)
    net-http-persistent (2.9.4)
    net-http-pipeline (1.0.1)
    net-scp (2.0.0)
      net-ssh (>= 2.6.5, < 6.0.0)
    net-ssh (5.2.0)
    net-ssh-gateway (2.0.0)
      net-ssh (>= 4.0.0)
    net-telnet (0.1.1)
||||||| merged common ancestors
    net-scp (1.2.1)
      net-ssh (>= 2.6.5)
    net-ssh (4.2.0)
    net-ssh-gateway (1.3.0)
      net-ssh (>= 2.6.5)
    net-telnet (0.1.1)
=======
    net-scp (1.2.1)
      net-ssh (>= 2.6.5)
    net-ssh (4.2.0)
    net-ssh-gateway (1.3.0)
      net-ssh (>= 2.6.5)
    net-telnet (0.2.0)
>>>>>>> master
    nori (2.6.0)
<<<<<<< HEAD
    pastel (0.7.2)
      equatable (~> 0.5.0)
      tty-color (~> 0.4.0)
    pusher-client (0.6.2)
      json
      websocket (~> 1.0)
    rspec (3.8.0)
      rspec-core (~> 3.8.0)
      rspec-expectations (~> 3.8.0)
      rspec-mocks (~> 3.8.0)
    rspec-core (3.8.0)
      rspec-support (~> 3.8.0)
    rspec-expectations (3.8.3)
||||||| merged common ancestors
    rspec (3.7.0)
      rspec-core (~> 3.7.0)
      rspec-expectations (~> 3.7.0)
      rspec-mocks (~> 3.7.0)
    rspec-core (3.7.1)
      rspec-support (~> 3.7.0)
    rspec-expectations (3.7.0)
=======
    rspec (3.8.0)
      rspec-core (~> 3.8.0)
      rspec-expectations (~> 3.8.0)
      rspec-mocks (~> 3.8.0)
    rspec-core (3.8.0)
      rspec-support (~> 3.8.0)
    rspec-expectations (3.8.1)
>>>>>>> master
      diff-lcs (>= 1.2.0, < 2.0)
<<<<<<< HEAD
      rspec-support (~> 3.8.0)
    rspec-its (1.3.0)
||||||| merged common ancestors
      rspec-support (~> 3.7.0)
    rspec-its (1.2.0)
=======
      rspec-support (~> 3.8.0)
    rspec-its (1.2.0)
>>>>>>> master
      rspec-core (>= 3.0.0)
      rspec-expectations (>= 3.0.0)
    rspec-mocks (3.8.0)
      diff-lcs (>= 1.2.0, < 2.0)
      rspec-support (~> 3.8.0)
    rspec-support (3.8.0)
    rubyntlm (0.6.2)
<<<<<<< HEAD
    rubyzip (1.2.2)
    serverspec (2.41.4)
||||||| merged common ancestors
    rubyzip (1.2.1)
    serverspec (2.41.3)
=======
    rubyzip (1.2.2)
    serverspec (2.41.3)
>>>>>>> master
      multi_json
      rspec (~> 3.0)
      rspec-its
      specinfra (~> 2.72)
    sfl (2.3)
<<<<<<< HEAD
    specinfra (2.77.2)
||||||| merged common ancestors
    specinfra (2.75.0)
=======
    specinfra (2.76.1)
>>>>>>> master
      net-scp
      net-ssh (>= 2.7)
      net-telnet (= 0.1.1)
      sfl
<<<<<<< HEAD
    strings (0.1.5)
      strings-ansi (~> 0.1)
      unicode-display_width (~> 1.5)
      unicode_utils (~> 1.4)
    strings-ansi (0.1.0)
    test-kitchen (2.2.5)
      bcrypt_pbkdf (~> 1.0)
      ed25519 (~> 1.2)
      license-acceptance (~> 1.0, >= 1.0.11)
||||||| merged common ancestors
    test-kitchen (1.22.0)
=======
    test-kitchen (1.23.2)
>>>>>>> master
      mixlib-install (~> 3.6)
      mixlib-shellout (>= 1.2, < 3.0)
      net-scp (>= 1.1, < 3.0)
      net-ssh (>= 2.9, < 6.0)
      net-ssh-gateway (>= 1.2, < 3.0)
      thor (~> 0.19)
      winrm (~> 2.0)
      winrm-elevated (~> 1.0)
      winrm-fs (~> 1.1)
<<<<<<< HEAD
    thor (0.20.3)
    timers (4.3.0)
    tomlrb (1.2.8)
    travis (1.8.10)
      backports
      faraday (~> 0.9)
      faraday_middleware (~> 0.9, >= 0.9.1)
      gh (~> 0.13)
      highline (~> 1.6)
      launchy (~> 2.1)
      pusher-client (~> 0.4)
      typhoeus (~> 0.6, >= 0.6.8)
    tty-box (0.3.0)
      pastel (~> 0.7.2)
      strings (~> 0.1.4)
      tty-cursor (~> 0.6.0)
    tty-color (0.4.3)
    tty-cursor (0.6.1)
    tty-prompt (0.18.1)
      necromancer (~> 0.4.0)
      pastel (~> 0.7.0)
      timers (~> 4.0)
      tty-cursor (~> 0.6.0)
      tty-reader (~> 0.5.0)
    tty-reader (0.5.0)
      tty-cursor (~> 0.6.0)
      tty-screen (~> 0.6.4)
      wisper (~> 2.0.0)
    tty-screen (0.6.5)
    typhoeus (0.8.0)
      ethon (>= 0.8.0)
    unicode-display_width (1.6.0)
    unicode_utils (1.4.0)
    websocket (1.2.8)
    winrm (2.3.2)
||||||| merged common ancestors
    thor (0.20.0)
    vagrant (1.5.0)
    winrm (2.2.3)
=======
    thor (0.20.0)
    winrm (2.2.3)
>>>>>>> master
      builder (>= 2.1.2)
      erubis (~> 2.7)
      gssapi (~> 1.2)
      gyoku (~> 1.0)
      httpclient (~> 2.2, >= 2.2.0.2)
      logging (>= 1.6.1, < 3.0)
      nori (~> 2.0)
      rubyntlm (~> 0.6.0, >= 0.6.1)
    winrm-elevated (1.1.1)
      winrm (~> 2.0)
      winrm-fs (~> 1.0)
<<<<<<< HEAD
    winrm-fs (1.3.2)
||||||| merged common ancestors
    winrm-fs (1.2.0)
=======
    winrm-fs (1.3.0)
>>>>>>> master
      erubis (~> 2.7)
      logging (>= 1.6.1, < 3.0)
      rubyzip (~> 1.1)
      winrm (~> 2.0)
    wisper (2.0.0)

PLATFORMS
  ruby

DEPENDENCIES
  kitchen-ansible
  kitchen-vagrant
  serverspec
  test-kitchen
<<<<<<< HEAD
  travis (~> 1.8)
||||||| merged common ancestors
  vagrant
=======
>>>>>>> master

BUNDLED WITH
<<<<<<< HEAD
   1.17.2
||||||| merged common ancestors
   1.16.3
=======
   1.16.4
>>>>>>> master
