GEM
  remote: https://rubygems.org/
  specs:
    addressable (2.5.2)
      public_suffix (>= 2.0.2, < 4.0)
    bigdecimal (1.3.2)
    builder (3.2.3)
    did_you_mean (1.1.2)
    erubis (2.7.0)
    faraday (0.13.1)
      multipart-post (>= 1.2, < 3)
    ffi (1.9.18)
    gcewinpass (1.0.0)
      google-api-client (~> 0.9.0)
    google-api-client (0.9.28)
      addressable (~> 2.3)
      googleauth (~> 0.5)
      httpclient (~> 2.7)
      hurley (~> 0.1)
      memoist (~> 0.11)
      mime-types (>= 1.6)
      representable (~> 2.3.0)
      retriable (~> 2.0)
    googleauth (0.6.2)
      faraday (~> 0.12)
      jwt (>= 1.4, < 3.0)
      logging (~> 2.0)
      memoist (~> 0.12)
      multi_json (~> 1.11)
      os (~> 0.9)
      signet (~> 0.7)
    gssapi (1.2.0)
      ffi (>= 1.0.1)
    gyoku (1.3.1)
      builder (>= 2.1.2)
    httpclient (2.8.3)
    hurley (0.2)
    io-console (0.4.6)
    json (2.1.0)
    jwt (2.1.0)
    kitchen-google (1.4.0)
      gcewinpass (~> 1.0)
      google-api-client (~> 0.9.0)
      test-kitchen
    kitchen-vagrant (1.2.1)
      test-kitchen (~> 1.4)
    little-plugger (1.1.4)
    logging (2.2.2)
      little-plugger (~> 1.1)
      multi_json (~> 1.10)
    memoist (0.16.0)
    mime-types (3.1)
      mime-types-data (~> 3.2015)
    mime-types-data (3.2016.0521)
    minitest (5.10.3)
    mixlib-install (3.8.0)
      mixlib-shellout
      mixlib-versioning
      thor
    mixlib-shellout (2.3.2)
    mixlib-versioning (1.2.2)
    multi_json (1.12.2)
    multipart-post (2.0.0)
    net-scp (1.2.1)
      net-ssh (>= 2.6.5)
    net-ssh (4.2.0)
    net-ssh-gateway (1.3.0)
      net-ssh (>= 2.6.5)
    net-telnet (0.1.1)
    nori (2.6.0)
    openssl (2.0.6)
    os (0.9.6)
    power_assert (1.1.1)
    psych (2.2.4)
    public_suffix (3.0.1)
    rake (12.2.1)
    rdoc (5.1.0)
    representable (2.3.0)
      uber (~> 0.0.7)
    retriable (2.1.0)
    rubyntlm (0.6.2)
    rubyzip (1.2.1)
    safe_yaml (1.0.4)
    signet (0.8.1)
      addressable (~> 2.3)
      faraday (~> 0.9)
      jwt (>= 1.5, < 3.0)
      multi_json (~> 1.10)
    test-kitchen (1.19.0)
      mixlib-install (~> 3.6)
      mixlib-shellout (>= 1.2, < 3.0)
      net-scp (~> 1.1)
      net-ssh (>= 2.9, < 5.0)
      net-ssh-gateway (~> 1.2)
      safe_yaml (~> 1.0)
      thor (~> 0.19, < 0.19.2)
      winrm (~> 2.0)
      winrm-elevated (~> 1.0)
      winrm-fs (~> 1.0.2)
    test-unit (3.2.6)
      power_assert
    thor (0.19.1)
    uber (0.0.15)
    winrm (2.2.3)
      builder (>= 2.1.2)
      erubis (~> 2.7)
      gssapi (~> 1.2)
      gyoku (~> 1.0)
      httpclient (~> 2.2, >= 2.2.0.2)
      logging (>= 1.6.1, < 3.0)
      nori (~> 2.0)
      rubyntlm (~> 0.6.0, >= 0.6.1)
    winrm-elevated (1.1.0)
      winrm (~> 2.0)
      winrm-fs (~> 1.0)
    winrm-fs (1.0.2)
      erubis (~> 2.7)
      logging (>= 1.6.1, < 3.0)
      rubyzip (~> 1.1)
      winrm (~> 2.0)
    xmlrpc (0.3.0)

PLATFORMS
  ruby

DEPENDENCIES
  addressable (~> 2.5)
  bigdecimal (~> 1.3)
  builder (~> 3.2)
  bundler (~> 1.16)
  did_you_mean (~> 1.1)
  erubis (~> 2.7)
  faraday (~> 0.13.1)
  ffi (~> 1.9)
  gcewinpass (~> 1.0)
  google-api-client (~> 0.9.28)
  googleauth (~> 0.6.2)
  gssapi (~> 1.2)
  gyoku (~> 1.3)
  httpclient (~> 2.8)
  hurley (~> 0.2)
  io-console (~> 0.4.6)
  json (~> 2.1)
  jwt (~> 2.1)
  kitchen-google (~> 1.4)
  kitchen-vagrant (~> 1.2)
  little-plugger (~> 1.1)
  logging (~> 2.2)
  memoist (~> 0.16.0)
  mime-types (~> 3.1)
  mime-types-data (~> 3.2016)
  minitest (~> 5.10)
  mixlib-install (~> 3.8)
  mixlib-shellout (~> 2.3)
  mixlib-versioning (~> 1.2)
  multi_json (~> 1.12)
  multipart-post (~> 2.0)
  net-scp (~> 1.2)
  net-ssh (~> 4.2)
  net-ssh-gateway (~> 1.3)
  net-telnet (~> 0.1.1)
  nori (~> 2.6)
  openssl (~> 2.0)
  os (~> 0.9.6)
  power_assert (~> 1.1)
  psych (~> 2.2)
  public_suffix (~> 3.0)
  rake (~> 12.2)
  rdoc (~> 5.1)
  representable (~> 2.3)
  retriable (~> 2.1)
  rubyntlm (~> 0.6.2)
  rubyzip (~> 1.2)
  safe_yaml (~> 1.0)
  signet (~> 0.8.1)
  test-kitchen (~> 1.19)
  test-unit (~> 3.2)
  thor (~> 0.19.1)
  uber (~> 0.0.15)
  winrm (~> 2.2)
  winrm-elevated (~> 1.1)
  winrm-fs (~> 1.0)
  xmlrpc (~> 0.3.0)

BUNDLED WITH
   1.16.0
